PATH
  remote: .
  specs:
    moonrope (0.0.0)
      json (~> 1.8.1)
      rack (~> 1.5.0)

GEM
  remote: https://rubygems.org/
  specs:
    json (1.8.1)
    rack (1.5.2)
    rack-test (0.6.2)
      rack (>= 1.0)
    rake (10.3.1)
    test-unit (2.5.5)
    yard (0.8.7.2)

PLATFORMS
  ruby

DEPENDENCIES
  moonrope!
  rack-test
  rake (~> 10.3.1)
  test-unit (~> 2.5.5)
  yard (~> 0.8.7)
