GEM
  remote: https://rubygems.org/
  specs:
    json (1.8.1)
    rack (1.5.2)
    rack-test (0.6.2)
      rack (>= 1.0)
    rake (10.1.1)
    test-unit (2.0.0.0)

PLATFORMS
  ruby

DEPENDENCIES
  json
  rack
  rack-test
  rake
  test-unit
