PATH
  remote: .
  specs:
    moonrope (2.0.0)
      deep_merge (~> 1.0)
      json (~> 1.7)
      rack (>= 1.4)

GEM
  remote: https://rubygems.org/
  specs:
    deep_merge (1.0.1)
    diff-lcs (1.2.5)
    json (1.8.3)
    rack (1.5.2)
    rack-test (0.6.3)
      rack (>= 1.0)
    rake (10.3.1)
    rspec (0.9.4)
    rspec-core (3.3.2)
      rspec-support (~> 3.3.0)
    rspec-expectations (3.3.1)
      diff-lcs (>= 1.2.0, < 2.0)
      rspec-support (~> 3.3.0)
    rspec-mocks (3.3.2)
      diff-lcs (>= 1.2.0, < 2.0)
      rspec-support (~> 3.3.0)
    rspec-support (3.3.0)
    test-unit (2.5.5)
    yard (0.8.7.2)

PLATFORMS
  ruby

DEPENDENCIES
  moonrope!
  rack-test (~> 0)
  rake (~> 10.3)
  rspec
  rspec-core
  rspec-expectations
  rspec-mocks
  test-unit (~> 2.5)
  yard (~> 0.8)

BUNDLED WITH
   1.10.6
